GEM
  remote: https://rubygems.org/
  specs:
    gosu (1.4.3)
    minigl (2.4.2)
      gosu (>= 0.11, < 2.0)

PLATFORMS
  x86_64-linux

DEPENDENCIES
  minigl (>= 2.4.2)

BUNDLED WITH
   2.2.33
